GEM
  remote: http://rubygems.org/
  specs:
    json (1.7.3)
    subexec (0.2.2)

PLATFORMS
  ruby

DEPENDENCIES
  json
  subexec
